GEM
  specs:
    rack (2.0.3)

PLATFORMS
  ruby

DEPENDENCIES
  rack

BUNDLED WITH
   1.15.4
