GEM
  specs:
    byebug (9.0.6)
    coderay (1.1.2)
    method_source (0.8.2)
    pry (0.10.4)
      coderay (~> 1.1.0)
      method_source (~> 0.8.1)
      slop (~> 3.4)
    pry-byebug (3.4.3)
      byebug (>= 9.0, < 9.1)
      pry (~> 0.10)
    rack (2.0.3)
    slop (3.6.0)

PLATFORMS
  ruby

DEPENDENCIES
  byebug
  pry
  pry-byebug
  rack

BUNDLED WITH
   1.15.4
